GEM
  remote: http://rubygems.org/
  specs:
    ParseTree (3.0.8)
      RubyInline (>= 3.7.0)
      sexp_processor (>= 3.0.0)
    RubyInline (3.11.0)
      ZenTest (~> 4.3)
    ZenTest (4.6.2)
    addressable (2.2.6)
    bcrypt-ruby (2.1.4-java)
    data_objects (0.10.1)
      addressable (~> 2.1)
    diff-lcs (1.1.3)
    dm-aggregates (0.10.2)
      dm-core (~> 0.10.2)
    dm-core (0.10.2)
      addressable (~> 2.1)
      extlib (~> 0.9.14)
    dm-migrations (0.10.2)
      dm-core (~> 0.10.2)
    dm-serializer (0.10.2)
      dm-core (~> 0.10.2)
      fastercsv (~> 1.5.0)
      json_pure (~> 1.2.0)
    dm-timestamps (0.10.2)
      dm-core (~> 0.10.2)
    dm-types (0.10.2)
      bcrypt-ruby (~> 2.1.2)
      dm-core (~> 0.10.2)
      fastercsv (~> 1.5.0)
      json_pure (~> 1.2.0)
      stringex (~> 1.1.0)
      uuidtools (~> 2.1.1)
    dm-validations (0.10.2)
      dm-core (~> 0.10.2)
    do-jdbc_sqlserver (1.2.4-java)
    do_jdbc (0.10.1-java)
      data_objects (= 0.10.1)
    do_sqlserver (0.10.1-java)
      data_objects (= 0.10.1)
      do-jdbc_sqlserver (~> 1.2.4)
      do_jdbc (= 0.10.1)
    erubis (2.7.0)
    extlib (0.9.15)
    fastercsv (1.5.4)
    gem_plugin (0.2.3)
    jruby-win32ole (0.8.5)
    json_pure (1.2.4)
    mailfactory (1.4.0)
      mime-types (>= 1.13.1)
    merb-action-args (1.1.0)
      ParseTree (>= 2.1.1)
      merb-core (~> 1.1.0)
      ruby2ruby (>= 1.1.9)
    merb-assets (1.1.0)
      merb-core (~> 1.1.0)
    merb-auth-core (1.1.0)
      merb-core (~> 1.1.0)
    merb-auth-more (1.1.0)
      merb-auth-core (~> 1.1.0)
    merb-auth-slice-password (1.1.0)
      merb-auth-core (~> 1.1.0)
      merb-auth-more (~> 1.1.0)
      merb-slices (~> 1.1.0)
    merb-cache (1.1.0)
      merb-core (~> 1.1.0)
    merb-core (1.1.0)
      bundler (>= 0.9.3)
      erubis (>= 2.6.2)
      extlib (>= 0.9.13)
      mime-types (>= 1.16)
      rack
      rake
      rspec
    merb-exceptions (1.1.0)
      merb-core (~> 1.1.0)
      merb-mailer (~> 1.1.0)
    merb-helpers (1.1.0)
      merb-core (~> 1.1.0)
    merb-mailer (1.1.0)
      mailfactory (>= 1.2.3)
      merb-core (~> 1.1.0)
    merb-param-protection (1.1.0)
      merb-core (~> 1.1.0)
    merb-parts (0.9.8)
      merb-core (>= 0.9.8)
    merb-slices (1.1.0)
      merb-core (~> 1.1.0)
    merb_datamapper (1.1.0)
      dm-core (~> 0.10)
      dm-migrations (~> 0.10)
      merb-core (~> 1.1.0)
    mime-types (1.17.2)
    mongrel (1.1.5-java)
      gem_plugin (>= 0.2.3)
    rack (1.3.5)
    rake (0.9.2.2)
    rspec (2.7.0)
      rspec-core (~> 2.7.0)
      rspec-expectations (~> 2.7.0)
      rspec-mocks (~> 2.7.0)
    rspec-core (2.7.1)
    rspec-expectations (2.7.0)
      diff-lcs (~> 1.1.2)
    rspec-mocks (2.7.0)
    ruby2ruby (1.3.1)
      ruby_parser (~> 2.0)
      sexp_processor (~> 3.0)
    ruby_parser (2.3.1)
      sexp_processor (~> 3.0)
    sexp_processor (3.0.7)
    stringex (1.1.0)
    uuidtools (2.1.1)

PLATFORMS
  java

DEPENDENCIES
  data_objects (= 0.10.1)
  dm-aggregates (= 0.10.2)
  dm-core (= 0.10.2)
  dm-migrations (= 0.10.2)
  dm-serializer (= 0.10.2)
  dm-timestamps (= 0.10.2)
  dm-types (= 0.10.2)
  dm-validations (= 0.10.2)
  do_sqlserver (= 0.10.1)
  jruby-win32ole
  merb-action-args (= 1.1.0)
  merb-assets (= 1.1.0)
  merb-auth-core (= 1.1.0)
  merb-auth-more (= 1.1.0)
  merb-auth-slice-password (= 1.1.0)
  merb-cache (= 1.1.0)
  merb-core (= 1.1.0)
  merb-exceptions (= 1.1.0)
  merb-helpers (= 1.1.0)
  merb-mailer (= 1.1.0)
  merb-param-protection (= 1.1.0)
  merb-parts (= 0.9.8)
  merb-slices (= 1.1.0)
  merb_datamapper (= 1.1.0)
  mongrel (= 1.1.5)
  rake (= 0.9.2.2)
  uuidtools (= 2.1.1)
