GEM
  remote: http://rubygems.org/
  specs:
    ParseTree (3.0.7)
      RubyInline (>= 3.7.0)
      sexp_processor (>= 3.0.0)
    RubyInline (3.9.0)
      ZenTest (~> 4.3)
    ZenTest (4.5.0)
    addressable (2.2.4)
    bcrypt-ruby (2.1.4-java)
    data_objects (0.10.2)
      addressable (~> 2.1)
    dm-aggregates (1.1.0)
      dm-core (~> 1.1.0)
    dm-core (1.1.0)
      addressable (~> 2.2.4)
    dm-do-adapter (1.1.0)
      data_objects (~> 0.10.2)
      dm-core (~> 1.1.0)
    dm-migrations (1.1.0)
      dm-core (~> 1.1.0)
    dm-serializer (1.1.0)
      dm-core (~> 1.1.0)
      fastercsv (~> 1.5.4)
      json (~> 1.4.6)
    dm-sqlserver-adapter (1.1.0)
      dm-do-adapter (~> 1.1.0)
      do_sqlserver (~> 0.10.2)
    dm-timestamps (1.1.0)
      dm-core (~> 1.1.0)
    dm-types (1.1.0)
      bcrypt-ruby (~> 2.1.4)
      dm-core (~> 1.1.0)
      fastercsv (~> 1.5.4)
      json (~> 1.4.6)
      stringex (~> 1.2.0)
      uuidtools (~> 2.1.2)
    dm-validations (1.1.0)
      dm-core (~> 1.1.0)
    do-jdbc_sqlserver (1.2.4-java)
    do_jdbc (0.10.2-java)
      data_objects (= 0.10.2)
    do_sqlserver (0.10.2-java)
      data_objects (= 0.10.2)
      do-jdbc_sqlserver (~> 1.2.4)
      do_jdbc (= 0.10.2)
    erubis (2.7.0)
    extlib (0.9.15)
    fastercsv (1.5.4)
    gem_plugin (0.2.3)
    jruby-win32ole (0.8.4)
    json (1.4.6-java)
    mailfactory (1.4.0)
      mime-types (>= 1.13.1)
    merb-action-args (1.1.3)
      ParseTree (>= 2.1.1)
      merb-core (~> 1.1.3)
      ruby2ruby (>= 1.1.9)
    merb-assets (1.1.3)
      merb-core (~> 1.1.3)
    merb-auth-core (1.1.1)
      merb-core (~> 1.1)
    merb-auth-more (1.1.1)
      merb-auth-core (~> 1.1.1)
    merb-auth-slice-password (1.1.1)
      merb-auth-core (~> 1.1.1)
      merb-auth-more (~> 1.1.1)
      merb-slices (~> 1.1)
    merb-cache (1.1.3)
      merb-core (~> 1.1.3)
    merb-core (1.1.3)
      bundler
      erubis (>= 2.6.2)
      extlib (>= 0.9.13)
      mime-types (>= 1.16)
      rack
      rake
    merb-exceptions (1.1.3)
      merb-core (~> 1.1.3)
      merb-mailer (~> 1.1.3)
    merb-helpers (1.1.3)
      merb-core (~> 1.1.3)
    merb-mailer (1.1.3)
      mailfactory (>= 1.2.3)
      merb-core (~> 1.1.3)
    merb-param-protection (1.1.3)
      merb-core (~> 1.1.3)
    merb-parts (0.9.8)
      merb-core (>= 0.9.8)
    merb-slices (1.1.3)
      merb-core (~> 1.1.3)
    merb_datamapper (1.1.3)
      dm-core (>= 1.0)
      dm-migrations (>= 1.0)
      merb-core (~> 1.1)
    mime-types (1.16)
    mongrel (1.1.5-java)
      gem_plugin (>= 0.2.3)
    nokogiri (1.5.0-java)
    rack (1.3.0)
    rake (0.9.2)
    rspec (1.3.1)
    ruby2ruby (1.2.5)
      ruby_parser (~> 2.0)
      sexp_processor (~> 3.0)
    ruby_parser (2.0.6)
      sexp_processor (~> 3.0)
    sexp_processor (3.0.5)
    stringex (1.2.1)
    uuidtools (2.1.2)
    webrat (0.5.3)
      nokogiri (>= 1.2.0)
      rack (>= 1.0)

PLATFORMS
  java

DEPENDENCIES
  data_objects (= 0.10.2)
  dm-aggregates (= 1.1.0)
  dm-core (= 1.1.0)
  dm-migrations (= 1.1.0)
  dm-serializer (= 1.1.0)
  dm-sqlserver-adapter (= 1.1.0)
  dm-timestamps (= 1.1.0)
  dm-types (= 1.1.0)
  dm-validations (= 1.1.0)
  do_sqlserver (= 0.10.2)
  jruby-win32ole
  merb-action-args (= 1.1.3)
  merb-assets (= 1.1.3)
  merb-auth-core (= 1.1.1)
  merb-auth-more (= 1.1.1)
  merb-auth-slice-password (= 1.1.1)
  merb-cache (= 1.1.3)
  merb-core (= 1.1.3)
  merb-exceptions (= 1.1.3)
  merb-helpers (= 1.1.3)
  merb-mailer (= 1.1.3)
  merb-param-protection (= 1.1.3)
  merb-parts (= 0.9.8)
  merb-slices (= 1.1.3)
  merb_datamapper (= 1.1.3)
  mongrel (= 1.1.5)
  rspec
  webrat (= 0.5.3)
